GIT
  remote: git://github.com/kc-train/model_label.git
  revision: 596525e0c9e84865a0cc5d0247126e606f7c0cef
  ref: 596525e
  specs:
    model_label (0.0.1)

GIT
  remote: git://github.com/mindpin/acts-as-dag.git
  revision: 4dea2ac1fab79ec5536b16253c1186f08eaec4e2
  tag: 0.0.3
  specs:
    acts-as-dag (0.0.2)

GIT
  remote: git://github.com/mindpin/bank.git
  revision: 90d8f5493644fc9458643c4fd2c6344940bd4883
  ref: 90d8f54
  specs:
    bank (0.1.0)
      mongoid-tree (~> 2.0)

GIT
  remote: git://github.com/mindpin/bucketerize.git
  revision: fbcfee90445bb88ff14d160a6a3a73c4018588af
  ref: fbcfee9
  specs:
    bucketerize (0.1.0)

GIT
  remote: git://github.com/mindpin/documents-store.git
  revision: fc06a4f5fb0190911ef1ffc50417d04f31e3a35f
  tag: 0.0.5
  specs:
    documents-store (0.0.5)

GIT
  remote: git://github.com/mindpin/elasticsearch-simple.git
  revision: 9697be275fa5be389ea99a982f84a5048d522d65
  ref: 9697be2
  specs:
    elasticsearch-simple (0.1.0)
      elasticsearch-model
      elasticsearch-rails
      ruby-pinyin

GIT
  remote: git://github.com/mindpin/enterprise_position_level.git
  revision: 541bf8a0fe714339308d0d082beea45dedfde985
  ref: 541bf8a
  specs:
    enterprise_position_level (0.1.0)

GIT
  remote: git://github.com/mindpin/file-part-upload.git
  revision: 6164fd353c0ebe7df831ed42562dedb7d05b5437
  ref: 6164fd3
  specs:
    file-part-upload (3.0.0)
      enumerize
      mime-types
      mini_magick
      qiniu (~> 6.4.1)
      streamio-ffmpeg

GIT
  remote: git://github.com/mindpin/generic_controller.git
  revision: 061d6055695bc025401af5aeb97164eab0285371
  tag: v0.0.5
  specs:
    generic_controller (0.0.4)

GIT
  remote: git://github.com/mindpin/kc_comments.git
  revision: 5816fb8b4930f8bf74ac336ddf9678e54444e1ad
  ref: 5816fb8
  specs:
    kc_comments (0.1.0)

GIT
  remote: git://github.com/mindpin/kc_courses.git
  revision: e97a0cfdb5d23b7e83ec65fda09344918a74ad32
  ref: e97a0cf
  specs:
    kc_courses (0.1.0)
      mongoid-tree
      ruby-pinyin
      simple_form

GIT
  remote: git://github.com/mindpin/knowledge-graph-js.git
  revision: 01386378a0df05cf354ec62fad857aab52f085ad
  tag: 0.0.1
  specs:
    knowledge-graph-js (0.0.1)
      non-stupid-digest-assets

GIT
  remote: git://github.com/mindpin/knowledge-net-plan-store.git
  revision: 3804b77a66abc0ef3cb88520ecc7165961d55be4
  tag: v0.1.0.p3
  specs:
    knowledge-net-plan-store (0.0.2)
      carrierwave-mongoid
      mongoid

GIT
  remote: git://github.com/mindpin/knowledge-net-store.git
  revision: 816df00aabbc1db6c3c4ca51229095af1842ed4c
  tag: 1.0.0-beta2
  specs:
    knowledge-net-store (1.0.0.pre.beta2)

GIT
  remote: git://github.com/mindpin/knowledge_camp_step.git
  revision: 643ab083e6a70e7ffdcead6fe5fc2f0da5906336
  tag: 0.1.8
  specs:
    knowledge_camp_step (0.1.8)

GIT
  remote: git://github.com/mindpin/question_bank.git
  revision: 455dcc1848860e9093303a3f39ad4807220df87e
  ref: 455dcc1
  specs:
    question_bank (0.0.1)
      enumerize
      kaminari
      simple_form

GIT
  remote: git://github.com/mindpin/simple-images.git
  revision: fc06f2bdbba5dbbbc506c6e22c09caf32909a2df
  ref: fc06f2b
  specs:
    simple-images (0.0.2)

GIT
  remote: git://github.com/mindpin/simple-navbar.git
  revision: f891c0e0b6c39846c1c424ad0379b83b181db105
  tag: 0.0.6p1
  specs:
    simple-navbar (0.0.6p1)

GIT
  remote: git://github.com/mindpin/sort_char.git
  revision: 7525285b9d03b8057df5aa760ceb4160ecf4e9f3
  tag: 0.0.1
  specs:
    sort_char (0.0.1)

GIT
  remote: git://github.com/mindpin/ueditor.rails.git
  revision: b832fdefdca636c6c07bb6fa36d2d49b3596c772
  ref: b832fde
  specs:
    ueditor.rails (0.0.5)
      rails (~> 4.1)

GIT
  remote: git://github.com/mindpin/user-auth.git
  revision: 8ac54325dfe1410bbc9ad6d63f9171763ed0e9ce
  tag: 0.0.8
  specs:
    user-auth (0.0.1)
      devise
      rest-client

GIT
  remote: git://github.com/mindpin/virtual-file.git
  revision: 6ed3695bd78fe3ee1f018bf5754595b861e1e4a7
  tag: 0.0.7
  specs:
    virtual_file_system (0.0.7)

GIT
  remote: git://github.com/simi/mongoid-versioning.git
  revision: 1483514ff751cf0747898e12184d56e73cfe5fd4
  specs:
    mongoid-versioning (0.0.1)
      mongoid (> 3)

PATH
  remote: vendor/api
  specs:
    knowledge-camp-api (0.0.1)
      rails (>= 4.0.0)

PATH
  remote: vendor/course_editor
  specs:
    kc-course-editor (0.0.1)
      rails (>= 4.0.0)

PATH
  remote: vendor/explore
  specs:
    kc-explore (0.0.1)
      rails (>= 4.0.0)

GEM
  remote: https://ruby.taobao.org/
  remote: https://rails-assets.org/
  specs:
    actionmailer (4.2.3)
      actionpack (= 4.2.3)
      actionview (= 4.2.3)
      activejob (= 4.2.3)
      mail (~> 2.5, >= 2.5.4)
      rails-dom-testing (~> 1.0, >= 1.0.5)
    actionpack (4.2.3)
      actionview (= 4.2.3)
      activesupport (= 4.2.3)
      rack (~> 1.6)
      rack-test (~> 0.6.2)
      rails-dom-testing (~> 1.0, >= 1.0.5)
      rails-html-sanitizer (~> 1.0, >= 1.0.2)
    actionview (4.2.3)
      activesupport (= 4.2.3)
      builder (~> 3.1)
      erubis (~> 2.7.0)
      rails-dom-testing (~> 1.0, >= 1.0.5)
      rails-html-sanitizer (~> 1.0, >= 1.0.2)
    activejob (4.2.3)
      activesupport (= 4.2.3)
      globalid (>= 0.3.0)
    activemodel (4.2.3)
      activesupport (= 4.2.3)
      builder (~> 3.1)
    activerecord (4.2.3)
      activemodel (= 4.2.3)
      activesupport (= 4.2.3)
      arel (~> 6.0)
    activesupport (4.2.3)
      i18n (~> 0.7)
      json (~> 1.7, >= 1.7.7)
      minitest (~> 5.1)
      thread_safe (~> 0.3, >= 0.3.4)
      tzinfo (~> 1.1)
    arel (6.0.3)
    autoprefixer-rails (6.3.3.1)
      execjs
    babel-source (5.8.35)
    babel-transpiler (0.7.0)
      babel-source (>= 4.0, < 6)
      execjs (~> 2.0)
    bcrypt (3.1.10)
    bootstrap-kaminari-views (0.0.5)
      kaminari (>= 0.13)
      rails (>= 3.1)
    bootstrap-sass (3.3.6)
      autoprefixer-rails (>= 5.2.1)
      sass (>= 3.3.4)
    bson (4.1.0)
    builder (3.2.2)
    byebug (8.2.4)
    carrierwave (0.10.0)
      activemodel (>= 3.2.0)
      activesupport (>= 3.2.0)
      json (>= 1.7)
      mime-types (>= 1.16)
    carrierwave-mongoid (0.8.1)
      carrierwave (>= 0.8.0, < 0.11.0)
      mongoid (>= 3.0, < 6.0)
      mongoid-grid_fs (>= 1.3, < 3.0)
    cells (3.10.1)
      actionpack (>= 3.0)
      railties (>= 3.0)
      uber (~> 0.0.4)
    coderay (1.1.1)
    coffee-rails (4.1.1)
      coffee-script (>= 2.2.0)
      railties (>= 4.0.0, < 5.1.x)
    coffee-react (3.4.0)
      execjs
    coffee-script (2.4.1)
      coffee-script-source
      execjs
    coffee-script-source (1.10.0)
    connection_pool (2.2.0)
    database_cleaner (1.2.0)
    devise (3.5.2)
      bcrypt (~> 3.0)
      orm_adapter (~> 0.1)
      railties (>= 3.2.6, < 5)
      responders
      thread_safe (~> 0.1)
      warden (~> 1.2.3)
    diff-lcs (1.2.5)
    elasticsearch (1.0.17)
      elasticsearch-api (= 1.0.17)
      elasticsearch-transport (= 1.0.17)
    elasticsearch-api (1.0.17)
      multi_json
    elasticsearch-model (0.1.8)
      activesupport (> 3)
      elasticsearch (> 0.4)
      hashie
    elasticsearch-rails (0.1.8)
    elasticsearch-transport (1.0.17)
      faraday
      multi_json
    enumerize (1.1.1)
      activesupport (>= 3.2)
    erubis (2.7.0)
    execjs (2.6.0)
    factory_girl (4.5.0)
      activesupport (>= 3.0.0)
    factory_girl_rails (4.6.0)
      factory_girl (~> 4.5.0)
      railties (>= 3.0.0)
    faraday (0.9.2)
      multipart-post (>= 1.2, < 3)
    figaro (1.1.1)
      thor (~> 0.14)
    globalid (0.3.6)
      activesupport (>= 4.1.0)
    haml (4.0.7)
      tilt
    haml-coderay (0.2.0)
      coderay
      haml
    hashie (3.4.3)
    htmldiff (0.0.1)
    i18n (0.7.0)
    jbuilder (2.4.1)
      activesupport (>= 3.0.0, < 5.1)
      multi_json (~> 1.2)
    jquery-rails (4.1.1)
      rails-dom-testing (>= 1, < 3)
      railties (>= 4.2.0)
      thor (>= 0.14, < 2.0)
    json (1.8.3)
    kaminari (0.15.1)
      actionpack (>= 3.0.0)
      activesupport (>= 3.0.0)
    kgio (2.10.0)
    loofah (2.0.3)
      nokogiri (>= 1.5.9)
    mail (2.6.3)
      mime-types (>= 1.16, < 3)
    method_source (0.8.2)
    mime-types (2.4.3)
    mina (0.3.7)
      open4 (~> 1.3.4)
      rake
    mini_magick (4.4.0)
    mini_portile2 (2.0.0)
    minitest (5.8.4)
    mongo (2.2.4)
      bson (~> 4.0)
    mongoid (5.1.3)
      activemodel (~> 4.0)
      mongo (~> 2.1)
      origin (~> 2.2)
      tzinfo (>= 0.3.37)
    mongoid-grid_fs (2.2.1)
      mime-types (>= 1.0, < 3.0)
      mongoid (>= 3.0, < 6.0)
    mongoid-tree (2.0.1)
      mongoid (>= 4.0, < 6.0)
    multi_json (1.11.2)
    multipart-post (2.0.0)
    netrc (0.11.0)
    nokogiri (1.6.7.2)
      mini_portile2 (~> 2.0.0.rc2)
    non-stupid-digest-assets (1.0.8)
      sprockets (>= 2.0)
    open4 (1.3.4)
    origin (2.2.0)
    orm_adapter (0.5.0)
    pry (0.10.3)
      coderay (~> 1.1.0)
      method_source (~> 0.8.1)
      slop (~> 3.4)
    pry-byebug (3.3.0)
      byebug (~> 8.0)
      pry (~> 0.10)
    pry-rails (0.3.4)
      pry (>= 0.9.10)
    qiniu (6.4.2)
      json (~> 1.8)
      mime-types (~> 2.4.3)
      rest-client (~> 1.7.3)
      ruby-hmac (~> 0.4)
    quiet_assets (1.1.0)
      railties (>= 3.1, < 5.0)
    rack (1.6.4)
    rack-test (0.6.3)
      rack (>= 1.0)
    rails (4.2.3)
      actionmailer (= 4.2.3)
      actionpack (= 4.2.3)
      actionview (= 4.2.3)
      activejob (= 4.2.3)
      activemodel (= 4.2.3)
      activerecord (= 4.2.3)
      activesupport (= 4.2.3)
      bundler (>= 1.3.0, < 2.0)
      railties (= 4.2.3)
      sprockets-rails
    rails-assets-URIjs (1.17.1)
    rails-assets-eventEmitter (4.3.0)
    rails-assets-immutable (3.7.6)
    rails-assets-jquery (2.2.2)
    rails-assets-semantic (2.1.8)
      rails-assets-jquery (>= 1.8)
    rails-deprecated_sanitizer (1.0.3)
      activesupport (>= 4.2.0.alpha)
    rails-dom-testing (1.0.7)
      activesupport (>= 4.2.0.beta, < 5.0)
      nokogiri (~> 1.6.0)
      rails-deprecated_sanitizer (>= 1.0.1)
    rails-html-sanitizer (1.0.3)
      loofah (~> 2.0)
    railties (4.2.3)
      actionpack (= 4.2.3)
      activesupport (= 4.2.3)
      rake (>= 0.8.7)
      thor (>= 0.18.1, < 2.0)
    raindrops (0.16.0)
    rake (11.1.1)
    rdoc (4.2.2)
      json (~> 1.4)
    react-rails (1.2.0)
      babel-transpiler (>= 0.7.0)
      coffee-script-source (~> 1.8)
      connection_pool
      execjs
      rails (>= 3.2)
      tilt
    responders (2.1.1)
      railties (>= 4.2.0, < 5.1)
    rest-client (1.7.3)
      mime-types (>= 1.16, < 3.0)
      netrc (~> 0.7)
    rmmseg-cpp (0.2.9)
    rspec-core (3.4.4)
      rspec-support (~> 3.4.0)
    rspec-expectations (3.4.0)
      diff-lcs (>= 1.2.0, < 2.0)
      rspec-support (~> 3.4.0)
    rspec-mocks (3.4.1)
      diff-lcs (>= 1.2.0, < 2.0)
      rspec-support (~> 3.4.0)
    rspec-rails (3.4.2)
      actionpack (>= 3.0, < 4.3)
      activesupport (>= 3.0, < 4.3)
      railties (>= 3.0, < 4.3)
      rspec-core (~> 3.4.0)
      rspec-expectations (~> 3.4.0)
      rspec-mocks (~> 3.4.0)
      rspec-support (~> 3.4.0)
    rspec-support (3.4.1)
    ruby-hmac (0.4.0)
    ruby-pinyin (0.4.8)
      rmmseg-cpp (~> 0.2)
    sass (3.4.21)
    sass-rails (5.0.4)
      railties (>= 4.0.0, < 5.0)
      sass (~> 3.1)
      sprockets (>= 2.8, < 4.0)
      sprockets-rails (>= 2.0, < 4.0)
      tilt (>= 1.1, < 3)
    sdoc (0.4.1)
      json (~> 1.7, >= 1.7.7)
      rdoc (~> 4.0)
    simple_form (3.2.1)
      actionpack (> 4, < 5.1)
      activemodel (> 4, < 5.1)
    slop (3.6.0)
    spring (1.7.0)
    sprockets (3.4.0)
      rack (> 1, < 3)
    sprockets-coffee-react (3.0.1)
      coffee-react (>= 3.0.1)
      coffee-script
      sprockets
      tilt
    sprockets-rails (2.3.3)
      actionpack (>= 3.0)
      activesupport (>= 3.0)
      sprockets (>= 2.8, < 4.0)
    streamio-ffmpeg (2.0.0)
      multi_json (~> 1.8)
    thor (0.19.1)
    thread_safe (0.3.5)
    tilt (2.0.2)
    turbolinks (2.5.3)
      coffee-rails
    tzinfo (1.2.2)
      thread_safe (~> 0.1)
    uber (0.0.15)
    uglifier (3.0.0)
      execjs (>= 0.3.0, < 3)
    unicorn (5.1.0)
      kgio (~> 2.6)
      raindrops (~> 0.7)
    useragent (0.16.5)
    warden (1.2.6)
      rack (>= 1.0)

PLATFORMS
  ruby

DEPENDENCIES
  acts-as-dag!
  bank!
  bootstrap-kaminari-views
  bootstrap-sass (~> 3.3.5)
  bucketerize!
  carrierwave-mongoid
  cells (~> 3.10.1)
  coffee-rails (~> 4.1.0)
  database_cleaner (~> 1.2.0)
  devise (= 3.5.2)
  documents-store!
  elasticsearch-simple!
  enterprise_position_level!
  factory_girl_rails
  figaro (~> 1.1.1)
  file-part-upload!
  generic_controller!
  haml
  haml-coderay
  htmldiff
  jbuilder (~> 2.0)
  jquery-rails
  kaminari (~> 0.15.1)
  kc-course-editor!
  kc-explore!
  kc_comments!
  kc_courses!
  knowledge-camp-api!
  knowledge-graph-js!
  knowledge-net-plan-store!
  knowledge-net-store!
  knowledge_camp_step!
  mina (= 0.3.7)
  mini_magick
  model_label!
  mongoid (~> 5.1.3)
  mongoid-versioning!
  pry
  pry-byebug
  pry-rails
  question_bank!
  quiet_assets
  rails (= 4.2.3)
  rails-assets-URIjs
  rails-assets-eventEmitter
  rails-assets-immutable
  rails-assets-semantic
  react-rails (= 1.2.0)
  rspec-rails (~> 3.0)
  ruby-pinyin
  sass-rails (~> 5.0)
  sdoc (~> 0.4.0)
  simple-images!
  simple-navbar!
  simple_form (~> 3.2.0)
  sort_char!
  spring
  sprockets (= 3.4.0)
  sprockets-coffee-react (= 3.0.1)
  sprockets-rails (= 2.3.3)
  streamio-ffmpeg
  turbolinks
  ueditor.rails!
  uglifier (>= 1.3.0)
  unicorn
  user-auth!
  useragent
  virtual_file_system!
